GEM
  remote: https://rubygems.org/
  specs:
    coderay (1.1.3)
    logger (1.6.1)
    method_source (1.1.0)
    pry (0.14.2)
      coderay (~> 1.1)
      method_source (~> 1.0)

PLATFORMS
  ruby
  x86_64-linux

DEPENDENCIES
  logger
  pry

RUBY VERSION
   ruby 3.3.1p55

BUNDLED WITH
   2.5.17
